GIT
  remote: git://github.com/clearsightstudio/ProMotion.git
  revision: f872ac89eba823e9e7641a300fe29c6cb2d08204
  specs:
    ProMotion (2.5.0)
      methadone (~> 1.7)
      motion_print (~> 1.0)

GIT
  remote: git://github.com/infinitered/redpotion.git
  revision: 9911c4cff6e87b7275ca608f4d90509928d2445f
  specs:
    redpotion (1.4.0)
      ProMotion (>= 2.5.0)
      RedAlert
      motion-cocoapods
      motion_print
      rake
      ruby_motion_query (>= 1.7.0)

PATH
  remote: vendor/motion-sqlite3
  specs:
    motion-sqlite3 (0.2.0)

GEM
  remote: https://rubygems.org/
  specs:
    RedAlert (1.5)
      ruby_motion_query (>= 1.3.4)
    activesupport (4.2.5.1)
      i18n (~> 0.7)
      json (~> 1.7, >= 1.7.7)
      minitest (~> 5.1)
      thread_safe (~> 0.3, >= 0.3.4)
      tzinfo (~> 1.1)
    bubble-wrap (1.9.5)
    claide (0.9.1)
    cocoapods (0.39.0)
      activesupport (>= 4.0.2)
      claide (~> 0.9.1)
      cocoapods-core (= 0.39.0)
      cocoapods-downloader (~> 0.9.3)
      cocoapods-plugins (~> 0.4.2)
      cocoapods-search (~> 0.1.0)
      cocoapods-stats (~> 0.6.2)
      cocoapods-trunk (~> 0.6.4)
      cocoapods-try (~> 0.5.1)
      colored (~> 1.2)
      escape (~> 0.0.4)
      molinillo (~> 0.4.0)
      nap (~> 1.0)
      xcodeproj (~> 0.28.2)
    cocoapods-core (0.39.0)
      activesupport (>= 4.0.2)
      fuzzy_match (~> 2.0.4)
      nap (~> 1.0)
    cocoapods-downloader (0.9.3)
    cocoapods-plugins (0.4.2)
      nap
    cocoapods-search (0.1.0)
    cocoapods-stats (0.6.2)
    cocoapods-trunk (0.6.4)
      nap (>= 0.8, < 2.0)
      netrc (= 0.7.8)
    cocoapods-try (0.5.1)
    colored (1.2)
    escape (0.0.4)
    fuzzy_match (2.0.4)
    i18n (0.7.0)
    json (1.8.3)
    methadone (1.9.2)
      bundler
    minitest (5.8.4)
    molinillo (0.4.3)
    motion-blitz (1.2.0)
      motion-cocoapods (>= 1.4.0)
    motion-cocoapods (1.7.8)
      cocoapods (>= 0.34)
    motion-i18n (0.0.6)
      i18n
      motion-require
    motion-require (0.2.0)
    motion_print (1.2.0)
    nap (1.1.0)
    netrc (0.7.8)
    rake (10.5.0)
    rake-hooks (1.2.3)
      rake
    ruby_motion_query (1.7.0)
    sugarcube (3.3.7)
    thread_safe (0.3.5)
    tzinfo (1.2.2)
      thread_safe (~> 0.1)
    xcodeproj (0.28.2)
      activesupport (>= 3)
      claide (~> 0.9.1)
      colored (~> 1.2)

PLATFORMS
  ruby

DEPENDENCIES
  ProMotion!
  RedAlert
  bubble-wrap (~> 1.9.0)
  motion-blitz
  motion-cocoapods
  motion-i18n
  motion-sqlite3!
  motion_print
  rake
  rake-hooks
  redpotion!
  sugarcube

BUNDLED WITH
   1.10.6
