GIT
  remote: git://github.com/clearsightstudio/ProMotion.git
  revision: 2f9dbdf4a5cf80a305f706d895d2945a0a353eee
  specs:
    ProMotion (2.6.1)
      methadone (~> 1.7)
      motion_print (~> 1.0)

GIT
  remote: git://github.com/infinitered/redpotion.git
  revision: d2ea84a4709e64c1087fc2d4c333bf57093c83a4
  specs:
    redpotion (1.4.0)
      ProMotion (>= 2.5.0)
      RedAlert
      motion-cocoapods
      motion_print
      rake
      ruby_motion_query (>= 1.7.0)

PATH
  remote: vendor/motion-sqlite3
  specs:
    motion-sqlite3 (0.2.0)

GEM
  remote: https://rubygems.org/
  specs:
    CFPropertyList (2.3.5)
    RedAlert (1.5)
      ruby_motion_query (>= 1.3.4)
    activesupport (4.2.8)
      i18n (~> 0.7)
      minitest (~> 5.1)
      thread_safe (~> 0.3, >= 0.3.4)
      tzinfo (~> 1.1)
    bubble-wrap (1.9.6)
    claide (1.0.1)
    cocoapods (1.2.1)
      activesupport (>= 4.0.2, < 5)
      claide (>= 1.0.1, < 2.0)
      cocoapods-core (= 1.2.1)
      cocoapods-deintegrate (>= 1.0.1, < 2.0)
      cocoapods-downloader (>= 1.1.3, < 2.0)
      cocoapods-plugins (>= 1.0.0, < 2.0)
      cocoapods-search (>= 1.0.0, < 2.0)
      cocoapods-stats (>= 1.0.0, < 2.0)
      cocoapods-trunk (>= 1.2.0, < 2.0)
      cocoapods-try (>= 1.1.0, < 2.0)
      colored2 (~> 3.1)
      escape (~> 0.0.4)
      fourflusher (~> 2.0.1)
      gh_inspector (~> 1.0)
      molinillo (~> 0.5.7)
      nap (~> 1.0)
      ruby-macho (~> 1.1)
      xcodeproj (>= 1.4.4, < 2.0)
    cocoapods-core (1.2.1)
      activesupport (>= 4.0.2, < 5)
      fuzzy_match (~> 2.0.4)
      nap (~> 1.0)
    cocoapods-deintegrate (1.0.1)
    cocoapods-downloader (1.1.3)
    cocoapods-plugins (1.0.0)
      nap
    cocoapods-search (1.0.0)
    cocoapods-stats (1.0.0)
    cocoapods-trunk (1.2.0)
      nap (>= 0.8, < 2.0)
      netrc (= 0.7.8)
    cocoapods-try (1.1.0)
    colored2 (3.1.2)
    escape (0.0.4)
    fourflusher (2.0.1)
    fuzzy_match (2.0.4)
    gh_inspector (1.0.3)
    i18n (0.8.1)
    methadone (1.9.5)
      bundler
    minitest (5.10.2)
    molinillo (0.5.7)
    motion-blitz (1.2.0)
      motion-cocoapods (>= 1.4.0)
    motion-cocoapods (1.9.0)
      cocoapods (>= 1.0.0)
    motion-i18n (0.0.6)
      i18n
      motion-require
    motion-require (0.2.0)
    motion_print (1.2.0)
    nanaimo (0.2.3)
    nap (1.1.0)
    netrc (0.7.8)
    rake (12.0.0)
    rake-hooks (1.2.3)
      rake
    ruby-macho (1.1.0)
    ruby_motion_query (1.7.0)
    sugarcube (3.4.0)
    thread_safe (0.3.6)
    tzinfo (1.2.3)
      thread_safe (~> 0.1)
    xcodeproj (1.4.4)
      CFPropertyList (~> 2.3.3)
      claide (>= 1.0.1, < 2.0)
      colored2 (~> 3.1)
      nanaimo (~> 0.2.3)

PLATFORMS
  ruby

DEPENDENCIES
  ProMotion!
  RedAlert
  bubble-wrap (~> 1.9.0)
  motion-blitz
  motion-cocoapods
  motion-i18n
  motion-sqlite3!
  motion_print
  rake
  rake-hooks
  redpotion!
  sugarcube

BUNDLED WITH
   1.14.4
