GIT
  remote: http://github.com/HipByte/motion-cocoapods.git
  revision: e7c1ff63e90232afedfa815ee0fbd4b5612c55c9
  branch: master
  specs:
    motion-cocoapods (1.3.7)
      cocoapods (>= 0.17.0)

GIT
  remote: https://github.com/rubymotion/BubbleWrap
  revision: 7b6034293d948887ca5bc9c0073d7af9d68caa43
  specs:
    bubble-wrap (1.3.0)

PATH
  remote: ../ProMotion/
  specs:
    ProMotion (1.0.4)

PATH
  remote: vendor/motion-sqlite3
  specs:
    motion-sqlite3 (0.2.0)

GEM
  remote: https://rubygems.org/
  specs:
    activesupport (3.2.14)
      i18n (~> 0.6, >= 0.6.4)
      multi_json (~> 1.0)
    awesome_print_motion (0.1.0)
    claide (0.3.2)
    cocoapods (0.25.0)
      activesupport (~> 3.0)
      claide (~> 0.3.2)
      cocoapods-core (= 0.25.0)
      cocoapods-downloader (~> 0.2.0)
      colored (~> 1.2)
      escape (~> 0.0.4)
      json (~> 1.8)
      open4 (~> 1.3)
      xcodeproj (~> 0.11.0)
    cocoapods-core (0.25.0)
      activesupport (~> 3.0)
      json (~> 1.8)
      nap (~> 0.5)
    cocoapods-downloader (0.2.0)
    colored (1.2)
    escape (0.0.4)
    i18n (0.6.5)
    json (1.8.0)
    motion-testflight (1.5)
    multi_json (1.8.0)
    nap (0.5.1)
    open4 (1.3.0)
    rake (10.1.0)
    xcodeproj (0.11.1)
      activesupport (~> 3.0)
      colored (~> 1.2)

PLATFORMS
  ruby

DEPENDENCIES
  ProMotion!
  awesome_print_motion
  bubble-wrap!
  cocoapods
  motion-cocoapods!
  motion-sqlite3!
  motion-testflight
  rake (>= 0.9.4)
