PATH
  remote: vendor/motion-sqlite3
  specs:
    motion-sqlite3 (0.2.0)

GEM
  remote: https://rubygems.org/
  specs:
    ProMotion (2.4.2)
      methadone (~> 1.7)
      motion_print (~> 1.0)
    activesupport (4.2.1)
      i18n (~> 0.7)
      json (~> 1.7, >= 1.7.7)
      minitest (~> 5.1)
      thread_safe (~> 0.3, >= 0.3.4)
      tzinfo (~> 1.1)
    bubble-wrap (1.8.0)
    claide (0.8.1)
    cocoapods (0.37.2)
      activesupport (>= 3.2.15)
      claide (~> 0.8.1)
      cocoapods-core (= 0.37.2)
      cocoapods-downloader (~> 0.9.0)
      cocoapods-plugins (~> 0.4.2)
      cocoapods-trunk (~> 0.6.1)
      cocoapods-try (~> 0.4.5)
      colored (~> 1.2)
      escape (~> 0.0.4)
      molinillo (~> 0.2.3)
      nap (~> 0.8)
      xcodeproj (~> 0.24.2)
    cocoapods-core (0.37.2)
      activesupport (>= 3.2.15)
      fuzzy_match (~> 2.0.4)
      nap (~> 0.8.0)
    cocoapods-downloader (0.9.0)
    cocoapods-plugins (0.4.2)
      nap
    cocoapods-trunk (0.6.1)
      nap (>= 0.8)
      netrc (= 0.7.8)
    cocoapods-try (0.4.5)
    colored (1.2)
    escape (0.0.4)
    fuzzy_match (2.0.4)
    i18n (0.7.0)
    json (1.8.3)
    methadone (1.9.1)
      bundler
    minitest (5.7.0)
    molinillo (0.2.3)
    motion-cocoapods (1.7.1)
      cocoapods (>= 0.34)
    motion-i18n (0.0.2)
      i18n
      motion-require
    motion-require (0.2.0)
    motion_print (1.1.2)
    nap (0.8.0)
    netrc (0.7.8)
    rake (10.4.2)
    thread_safe (0.3.5)
    tzinfo (1.2.2)
      thread_safe (~> 0.1)
    xcodeproj (0.24.2)
      activesupport (>= 3)
      colored (~> 1.2)

PLATFORMS
  ruby

DEPENDENCIES
  ProMotion
  bubble-wrap (~> 1.8.0)
  motion-cocoapods
  motion-i18n
  motion-sqlite3!
  motion_print
  rake
