GIT
  remote: git://github.com/clearsightstudio/ProMotion.git
  revision: 1306b249f9e3d1f9694c6b6c161cef6dd91e6759
  branch: master
  specs:
    ProMotion (1.0.2)

GIT
  remote: https://github.com/rubymotion/BubbleWrap
  revision: 146c4afcb68c416ee6f534194ab0fb17af44e385
  specs:
    bubble-wrap (1.3.0)

PATH
  remote: vendor/motion-sqlite3
  specs:
    motion-sqlite3 (0.2.0)

GEM
  remote: https://rubygems.org/
  specs:
    activesupport (3.2.14)
      i18n (~> 0.6, >= 0.6.4)
      multi_json (~> 1.0)
    addressable (2.3.5)
    awesome_print_motion (0.1.0)
    claide (0.2.0)
    cocoapods (0.18.1)
      activesupport (~> 3.2.13)
      claide (~> 0.2.0)
      cocoapods-core (= 0.18.1)
      cocoapods-downloader (~> 0.1.0)
      colored (~> 1.2)
      escape (~> 0.0.4)
      faraday (~> 0.8.1)
      json (~> 1.7.3)
      octokit (~> 1.7)
      open4 (~> 1.3.0)
      rake (~> 10.0.0)
      xcodeproj (~> 0.5.5)
    cocoapods-core (0.18.1)
      activesupport (~> 3.2.13)
      faraday (~> 0.8.1)
      octokit (~> 1.7)
      rake (~> 10.0.0)
    cocoapods-downloader (0.1.1)
    colored (1.2)
    escape (0.0.4)
    faraday (0.8.8)
      multipart-post (~> 1.2.0)
    faraday_middleware (0.9.0)
      faraday (>= 0.7.4, < 0.9)
    hashie (2.0.5)
    i18n (0.6.4)
    json (1.7.7)
    motion-cocoapods (1.3.5)
      cocoapods (>= 0.17.0)
    motion-testflight (1.5)
    multi_json (1.7.7)
    multipart-post (1.2.0)
    netrc (0.7.7)
    octokit (1.25.0)
      addressable (~> 2.2)
      faraday (~> 0.8)
      faraday_middleware (~> 0.9)
      hashie (~> 2.0)
      multi_json (~> 1.3)
      netrc (~> 0.7.7)
    open4 (1.3.0)
    rake (10.0.4)
    xcodeproj (0.5.5)
      activesupport (~> 3.2.13)
      colored (~> 1.2)

PLATFORMS
  ruby

DEPENDENCIES
  ProMotion!
  awesome_print_motion
  bubble-wrap!
  cocoapods (= 0.18.1)
  motion-cocoapods (= 1.3.5)
  motion-sqlite3!
  motion-testflight
  rake (>= 0.9.4)
